GEM
  remote: https://rubygems.org/
  specs:
    mini_portile2 (2.5.1)
    nokogiri (1.11.4)
      mini_portile2 (~> 2.5.0)
      racc (~> 1.4)
    racc (1.5.2)
    restclient (0.0.1)

PLATFORMS
  ruby

DEPENDENCIES
  nokogiri
  restclient

BUNDLED WITH
   2.0.1
