GEM
  remote: https://rubygems.org/
  specs:
    mini_portile2 (2.8.8)
    nokogiri (1.18.4)
      mini_portile2 (~> 2.8.2)
      racc (~> 1.4)
    racc (1.8.1)
    restclient (0.0.1)

PLATFORMS
  ruby

DEPENDENCIES
  nokogiri
  restclient

BUNDLED WITH
   2.0.1
