GEM
  remote: https://rubygems.org/
  specs:
    mini_portile2 (2.4.0)
    nokogiri (1.10.4)
      mini_portile2 (~> 2.4.0)
    restclient (0.0.1)

PLATFORMS
  ruby

DEPENDENCIES
  nokogiri
  restclient

BUNDLED WITH
   2.0.1
